GIT
  remote: git://github.com/CodingItWrong/log2blog.git
  revision: 0b4f2d5e3de91cbe7e918ca4989cfe463ad2af3b
  branch: master
  specs:
    log2blog (0.0.1)
      dotenv (~> 2.1)
      github_api (~> 0.14)

GEM
  specs:
    addressable (2.4.0)
    descendants_tracker (0.0.4)
      thread_safe (~> 0.3, >= 0.3.1)
    dotenv (2.1.1)
    faraday (0.9.2)
      multipart-post (>= 1.2, < 3)
    github_api (0.14.2)
      addressable (~> 2.4.0)
      descendants_tracker (~> 0.0.4)
      faraday (~> 0.8, < 0.10)
      hashie (>= 3.4)
      oauth2
    hashie (3.4.4)
    jwt (1.5.1)
    multi_json (1.12.1)
    multi_xml (0.5.5)
    multipart-post (2.0.0)
    oauth2 (1.1.0)
      faraday (>= 0.8, < 0.10)
      jwt (~> 1.0, < 1.5.2)
      multi_json (~> 1.3)
      multi_xml (~> 0.5)
      rack (>= 1.2, < 3)
    rack (2.0.1)
    thread_safe (0.3.5)

PLATFORMS
  ruby

DEPENDENCIES
  log2blog!

BUNDLED WITH
   1.12.5
